GEM
  remote: http://rubygems.org/
  specs:
    activemodel (3.0.3)
      activesupport (= 3.0.3)
      builder (~> 2.1.2)
      i18n (~> 0.4)
    activerecord (3.0.3)
      activemodel (= 3.0.3)
      activesupport (= 3.0.3)
      arel (~> 2.0.2)
      tzinfo (~> 0.3.23)
    activesupport (3.0.3)
    arel (2.0.7)
    aws-s3 (0.6.2)
      builder
      mime-types
      xml-simple
    builder (2.1.2)
    git (1.2.5)
    i18n (0.5.0)
    jeweler (1.5.2)
      bundler (~> 1.0.0)
      git (>= 1.2.5)
      rake
    mime-types (1.16)
    mocha (0.9.10)
      rake
    paperclip (2.3.8)
      activerecord
      activesupport
    rake (0.8.7)
    rcov (0.9.9)
    redgreen (1.2.2)
    shoulda (2.11.3)
    sqlite3-ruby (1.3.2)
    tzinfo (0.3.24)
    xml-simple (1.0.12)
    zip (2.0.2)

PLATFORMS
  ruby

DEPENDENCIES
  activerecord
  activesupport
  aws-s3
  bundler (~> 1.0.0)
  jeweler (~> 1.5.2)
  mocha
  paperclip (~> 2.3.3)
  rcov
  redgreen
  shoulda
  sqlite3-ruby (~> 1.3.0)
  zip (>= 2.0.2)
